NUGET
  remote: https://nuget.org/api/v2
  specs:
    FAKE (3.26.7)
GITHUB
  remote: fsprojects/FSharp.TypeProviders.StarterPack
  specs:
    src/ProvidedTypes.fs (cf96cf990590da7082197452b1b544e26ebed472)
    src/ProvidedTypes.fsi (cf96cf990590da7082197452b1b544e26ebed472)